GEM
  remote: https://rubygems.org/
  specs:
    bson (1.8.6)
    bson_ext (1.8.6)
      bson (~> 1.8.6)
    builder (3.2.0)
    cappie (0.0.2)
      capybara (>= 2.0.2)
      childprocess (>= 0.3.8)
      cucumber (>= 1.2.1)
      poltergeist (>= 1.1.1)
      rspec-expectations (>= 2.0.1)
      selenium-webdriver (>= 2.29.0)
    capybara (2.1.0)
      mime-types (>= 1.16)
      nokogiri (>= 1.3.3)
      rack (>= 1.0.0)
      rack-test (>= 0.5.4)
      xpath (~> 2.0)
    childprocess (0.3.9)
      ffi (~> 1.0, >= 1.0.11)
    cucumber (1.3.1)
      builder (>= 2.1.2)
      diff-lcs (>= 1.1.3)
      gherkin (~> 2.12.0)
      multi_json (~> 1.3)
    diff-lcs (1.2.4)
    eventmachine (1.0.3)
    faye-websocket (0.4.7)
      eventmachine (>= 0.12.0)
    ffi (1.8.1)
    gherkin (2.12.0)
      multi_json (~> 1.3)
    http_parser.rb (0.5.3)
    mime-types (1.23)
    mongo (1.8.6)
      bson (~> 1.8.6)
    multi_json (1.7.3)
    nokogiri (1.5.9)
    poltergeist (1.3.0)
      capybara (~> 2.1.0)
      faye-websocket (>= 0.4.4, < 0.5.0)
      http_parser.rb (~> 0.5.3)
    rack (1.5.2)
    rack-test (0.6.2)
      rack (>= 1.0)
    rest-client (1.6.7)
      mime-types (>= 1.16)
    rspec-expectations (2.13.0)
      diff-lcs (>= 1.1.3, < 2.0)
    rubyzip (0.9.9)
    selenium-webdriver (2.32.1)
      childprocess (>= 0.2.5)
      multi_json (~> 1.0)
      rubyzip
      websocket (~> 1.0.4)
    websocket (1.0.7)
    xpath (2.0.0)
      nokogiri (~> 1.3)

PLATFORMS
  ruby

DEPENDENCIES
  bson_ext
  cappie
  mongo
  rest-client
